PATH
  remote: ~/sandbox/gooddata-ruby
  specs:
    gooddata (0.6.0.pre6)
      activesupport
      bundler
      erubis
      gli
      highline
      json
      json_pure
      parseconfig
      pry
      rest-client
      restforce
      rubyzip
      salesforce_bulk

GEM
  remote: https://rubygems.org/
  specs:
    activesupport (4.0.2)
      i18n (~> 0.6, >= 0.6.4)
      minitest (~> 4.2)
      multi_json (~> 1.3)
      thread_safe (~> 0.1)
      tzinfo (~> 0.3.37)
    addressable (2.3.5)
    atomic (1.1.14)
    buftok (0.2.0)
    coderay (1.1.0)
    descendants_tracker (0.0.3)
    equalizer (0.0.9)
    erubis (2.7.0)
    faraday (0.8.9)
      multipart-post (~> 1.2.0)
    faraday_middleware (0.9.0)
      faraday (>= 0.7.4, < 0.9)
    gli (2.9.0)
    hashie (2.0.5)
    highline (1.6.20)
    http (0.5.0)
      http_parser.rb
    http_parser.rb (0.6.0)
    i18n (0.6.9)
    json (1.8.1)
    json_pure (1.8.1)
    mail (2.2.7)
      activesupport (>= 2.3.6)
      mime-types
      treetop (>= 1.4.5)
    memoizable (0.4.0)
      thread_safe (~> 0.1.3)
    method_source (0.8.2)
    mime-types (2.1)
    minitest (4.7.5)
    multi_json (1.8.4)
    multipart-post (1.2.0)
    parseconfig (1.0.4)
    polyglot (0.3.3)
    pony (1.8)
      mail (>= 2.0)
    pry (0.9.12.6)
      coderay (~> 1.0)
      method_source (~> 0.8)
      slop (~> 3.4)
    rest-client (1.6.7)
      mime-types (>= 1.16)
    restforce (1.4.3)
      faraday (~> 0.8.4)
      faraday_middleware (>= 0.8.8)
      hashie (>= 1.2.0, < 2.1)
      json (>= 1.7.5, < 1.9.0)
    rubyzip (1.1.0)
    salesforce_bulk (1.0.3)
      xml-simple
    simple_oauth (0.2.0)
    slop (3.4.7)
    terminal-table (1.4.5)
    thread_safe (0.1.3)
      atomic
    timecop (0.7.1)
    treetop (1.4.15)
      polyglot
      polyglot (>= 0.3.1)
    twitter (5.5.1)
      addressable (~> 2.3)
      buftok (~> 0.2.0)
      descendants_tracker (~> 0.0.3)
      equalizer (~> 0.0.9)
      faraday (>= 0.8, < 0.10)
      http (~> 0.5.0)
      http_parser.rb (~> 0.6.0)
      json (~> 1.8)
      memoizable (~> 0.4.0)
      simple_oauth (~> 0.2.0)
    tzinfo (0.3.38)
    xml-simple (1.1.3)

PLATFORMS
  ruby

DEPENDENCIES
  activesupport
  gooddata!
  json
  pony
  pry
  restforce
  terminal-table
  timecop
  twitter
